GEM
  remote: https://rubygems.org/
  specs:
    cri (2.1.0)
    ocra (1.3.11)
    rake (13.0.6)
    releasy (0.2.3)
      bundler (>= 1.2.1)
      cri (~> 2.1.0)
      ocra (~> 1.3.0)
      rake (>= 0.9.2.2)

PLATFORMS
  x64-mingw32

DEPENDENCIES
  releasy

BUNDLED WITH
   2.2.28
